GEM
  remote: https://rubygems.org/
  specs:
    chunky_png (1.4.0)
    rainbow (3.1.1)
    zlib (3.0.0)

PLATFORMS
  x86_64-darwin-21
  x86_64-darwin-22
  x86_64-linux

DEPENDENCIES
  chunky_png
  rainbow
  zlib

BUNDLED WITH
   2.2.17
